GEM
  remote: https://rubygems.org/
  specs:
    actioncable (6.1.7.8)
      actionpack (= 6.1.7.8)
      activesupport (= 6.1.7.8)
      nio4r (~> 2.0)
      websocket-driver (>= 0.6.1)
    actionmailbox (6.1.7.8)
      actionpack (= 6.1.7.8)
      activejob (= 6.1.7.8)
      activerecord (= 6.1.7.8)
      activestorage (= 6.1.7.8)
      activesupport (= 6.1.7.8)
      mail (>= 2.7.1)
    actionmailer (6.1.7.8)
      actionpack (= 6.1.7.8)
      actionview (= 6.1.7.8)
      activejob (= 6.1.7.8)
      activesupport (= 6.1.7.8)
      mail (~> 2.5, >= 2.5.4)
      rails-dom-testing (~> 2.0)
    actionpack (6.1.7.8)
      actionview (= 6.1.7.8)
      activesupport (= 6.1.7.8)
      rack (~> 2.0, >= 2.0.9)
      rack-test (>= 0.6.3)
      rails-dom-testing (~> 2.0)
      rails-html-sanitizer (~> 1.0, >= 1.2.0)
    actiontext (6.1.7.8)
      actionpack (= 6.1.7.8)
      activerecord (= 6.1.7.8)
      activestorage (= 6.1.7.8)
      activesupport (= 6.1.7.8)
      nokogiri (>= 1.8.5)
    actionview (6.1.7.8)
      activesupport (= 6.1.7.8)
      builder (~> 3.1)
      erubi (~> 1.4)
      rails-dom-testing (~> 2.0)
      rails-html-sanitizer (~> 1.1, >= 1.2.0)
    activejob (6.1.7.8)
      activesupport (= 6.1.7.8)
      globalid (>= 0.3.6)
    activemodel (6.1.7.8)
      activesupport (= 6.1.7.8)
    activerecord (6.1.7.8)
      activemodel (= 6.1.7.8)
      activesupport (= 6.1.7.8)
    activestorage (6.1.7.8)
      actionpack (= 6.1.7.8)
      activejob (= 6.1.7.8)
      activerecord (= 6.1.7.8)
      activesupport (= 6.1.7.8)
      marcel (~> 1.0)
      mini_mime (>= 1.1.0)
    activesupport (6.1.7.8)
      concurrent-ruby (~> 1.0, >= 1.0.2)
      i18n (>= 1.6, < 2)
      minitest (>= 5.1)
      tzinfo (~> 2.0)
      zeitwerk (~> 2.3)
    addressable (2.8.7)
      public_suffix (>= 2.0.2, < 7.0)
    administrate (0.20.1)
      actionpack (>= 6.0, < 8.0)
      actionview (>= 6.0, < 8.0)
      activerecord (>= 6.0, < 8.0)
      jquery-rails (~> 4.6.0)
      kaminari (~> 1.2.2)
      sassc-rails (~> 2.1)
      selectize-rails (~> 0.6)
    ast (2.4.2)
    bcrypt (3.1.20)
    bindex (0.8.1)
    bootsnap (1.18.4)
      msgpack (~> 1.2)
    bootstrap-email (1.5.1)
      htmlbeautifier (~> 1.3)
      nokogiri (~> 1.6)
      premailer (~> 1.7)
      sass-embedded (~> 1.53)
    builder (3.3.0)
    byebug (11.1.3)
    capybara (3.40.0)
      addressable
      matrix
      mini_mime (>= 0.1.3)
      nokogiri (~> 1.11)
      rack (>= 1.6.0)
      rack-test (>= 0.6.3)
      regexp_parser (>= 1.5, < 3.0)
      xpath (~> 3.2)
    choice (0.2.0)
    concurrent-ruby (1.3.4)
    connection_pool (2.4.1)
    crass (1.0.6)
    css_parser (1.17.1)
      addressable
    date (3.3.4)
    devise (4.9.4)
      bcrypt (~> 3.0)
      orm_adapter (~> 0.1)
      railties (>= 4.1.0)
      responders
      warden (~> 1.2.3)
    devise-i18n (1.12.1)
      devise (>= 4.9.0)
    erubi (1.13.0)
    et-orbi (1.2.11)
      tzinfo
    ffi (1.17.0-arm64-darwin)
    foreman (0.88.1)
    fugit (1.11.0)
      et-orbi (~> 1, >= 1.2.11)
      raabro (~> 1.4)
    globalid (1.2.1)
      activesupport (>= 6.1)
    google-protobuf (3.25.4-arm64-darwin)
    haml (6.3.0)
      temple (>= 0.8.2)
      thor
      tilt
    haml-rails (2.1.0)
      actionpack (>= 5.1)
      activesupport (>= 5.1)
      haml (>= 4.0.6)
      railties (>= 5.1)
    htmlbeautifier (1.4.3)
    htmlentities (4.3.4)
    i18n (1.14.5)
      concurrent-ruby (~> 1.0)
    jbuilder (2.12.0)
      actionview (>= 5.0.0)
      activesupport (>= 5.0.0)
    jquery-rails (4.6.0)
      rails-dom-testing (>= 1, < 3)
      railties (>= 4.2.0)
      thor (>= 0.14, < 2.0)
    json (2.7.2)
    kaminari (1.2.2)
      activesupport (>= 4.1.0)
      kaminari-actionview (= 1.2.2)
      kaminari-activerecord (= 1.2.2)
      kaminari-core (= 1.2.2)
    kaminari-actionview (1.2.2)
      actionview
      kaminari-core (= 1.2.2)
    kaminari-activerecord (1.2.2)
      activerecord
      kaminari-core (= 1.2.2)
    kaminari-core (1.2.2)
    language_server-protocol (3.17.0.3)
    listen (3.9.0)
      rb-fsevent (~> 0.10, >= 0.10.3)
      rb-inotify (~> 0.9, >= 0.9.10)
    loofah (2.22.0)
      crass (~> 1.0.2)
      nokogiri (>= 1.12.0)
    mail (2.8.1)
      mini_mime (>= 0.1.1)
      net-imap
      net-pop
      net-smtp
    marcel (1.0.4)
    matrix (0.4.2)
    method_source (1.1.0)
    mini_mime (1.1.5)
    minitest (5.24.1)
    mocha (2.4.5)
      ruby2_keywords (>= 0.0.5)
    msgpack (1.7.2)
    net-imap (0.4.14)
      date
      net-protocol
    net-pop (0.1.2)
      net-protocol
    net-protocol (0.2.2)
      timeout
    net-smtp (0.5.0)
      net-protocol
    nio4r (2.7.3)
    nokogiri (1.16.7-arm64-darwin)
      racc (~> 1.4)
    orm_adapter (0.5.0)
    parallel (1.26.2)
    parser (3.3.4.2)
      ast (~> 2.4.1)
      racc
    pg (1.5.7)
    premailer (1.23.0)
      addressable
      css_parser (>= 1.12.0)
      htmlentities (>= 4.0.0)
    public_suffix (6.0.1)
    puma (5.6.8)
      nio4r (~> 2.0)
    raabro (1.4.0)
    racc (1.8.1)
    rack (2.2.9)
    rack-mini-profiler (2.3.4)
      rack (>= 1.2.0)
    rack-proxy (0.7.7)
      rack
    rack-test (2.1.0)
      rack (>= 1.3)
    rails (6.1.7.8)
      actioncable (= 6.1.7.8)
      actionmailbox (= 6.1.7.8)
      actionmailer (= 6.1.7.8)
      actionpack (= 6.1.7.8)
      actiontext (= 6.1.7.8)
      actionview (= 6.1.7.8)
      activejob (= 6.1.7.8)
      activemodel (= 6.1.7.8)
      activerecord (= 6.1.7.8)
      activestorage (= 6.1.7.8)
      activesupport (= 6.1.7.8)
      bundler (>= 1.15.0)
      railties (= 6.1.7.8)
      sprockets-rails (>= 2.0.0)
    rails-controller-testing (1.0.5)
      actionpack (>= 5.0.1.rc1)
      actionview (>= 5.0.1.rc1)
      activesupport (>= 5.0.1.rc1)
    rails-dom-testing (2.2.0)
      activesupport (>= 5.0.0)
      minitest
      nokogiri (>= 1.6)
    rails-erd (1.7.2)
      activerecord (>= 4.2)
      activesupport (>= 4.2)
      choice (~> 0.2.0)
      ruby-graphviz (~> 1.2)
    rails-html-sanitizer (1.6.0)
      loofah (~> 2.21)
      nokogiri (~> 1.14)
    rails-i18n (6.0.0)
      i18n (>= 0.7, < 2)
      railties (>= 6.0.0, < 7)
    railties (6.1.7.8)
      actionpack (= 6.1.7.8)
      activesupport (= 6.1.7.8)
      method_source
      rake (>= 12.2)
      thor (~> 1.0)
    rainbow (3.1.1)
    rake (13.2.1)
    rb-fsevent (0.11.2)
    rb-inotify (0.11.1)
      ffi (~> 1.0)
    redis (4.8.1)
    regexp_parser (2.9.2)
    responders (3.1.1)
      actionpack (>= 5.2)
      railties (>= 5.2)
    rexml (3.3.5)
      strscan
    rubocop (1.65.1)
      json (~> 2.3)
      language_server-protocol (>= 3.17.0)
      parallel (~> 1.10)
      parser (>= 3.3.0.2)
      rainbow (>= 2.2.2, < 4.0)
      regexp_parser (>= 2.4, < 3.0)
      rexml (>= 3.2.5, < 4.0)
      rubocop-ast (>= 1.31.1, < 2.0)
      ruby-progressbar (~> 1.7)
      unicode-display_width (>= 2.4.0, < 3.0)
    rubocop-ast (1.32.0)
      parser (>= 3.3.1.0)
    rubocop-md (1.2.2)
      rubocop (>= 1.0)
    rubocop-minitest (0.35.1)
      rubocop (>= 1.61, < 2.0)
      rubocop-ast (>= 1.31.1, < 2.0)
    rubocop-packaging (0.5.2)
      rubocop (>= 1.33, < 2.0)
    rubocop-performance (1.21.1)
      rubocop (>= 1.48.1, < 2.0)
      rubocop-ast (>= 1.31.1, < 2.0)
    rubocop-rails (2.25.1)
      activesupport (>= 4.2.0)
      rack (>= 1.1)
      rubocop (>= 1.33.0, < 2.0)
      rubocop-ast (>= 1.31.1, < 2.0)
    rubocop-rails_config (1.16.0)
      rubocop (>= 1.57.0)
      rubocop-ast (>= 1.26.0)
      rubocop-md
      rubocop-minitest (~> 0.22)
      rubocop-packaging (~> 0.5)
      rubocop-performance (~> 1.11)
      rubocop-rails (~> 2.0)
    ruby-graphviz (1.2.5)
      rexml
    ruby-progressbar (1.13.0)
    ruby2_keywords (0.0.5)
    rubyzip (2.3.2)
    rufus-scheduler (3.9.1)
      fugit (~> 1.1, >= 1.1.6)
    sass-embedded (1.69.5-arm64-darwin)
      google-protobuf (~> 3.23)
    sass-rails (6.0.0)
      sassc-rails (~> 2.1, >= 2.1.1)
    sassc (2.4.0)
      ffi (~> 1.9)
    sassc-rails (2.1.2)
      railties (>= 4.0.0)
      sassc (>= 2.0)
      sprockets (> 3.0)
      sprockets-rails
      tilt
    selectize-rails (0.12.6)
    selenium-webdriver (4.10.0)
      rexml (~> 3.2, >= 3.2.5)
      rubyzip (>= 1.2.2, < 3.0)
      websocket (~> 1.0)
    semantic_range (3.0.0)
    shoulda-context (2.0.0)
    shoulda-matchers (5.3.0)
      activesupport (>= 5.2.0)
    sidekiq (6.5.12)
      connection_pool (>= 2.2.5, < 3)
      rack (~> 2.0)
      redis (>= 4.5.0, < 5)
    sidekiq-scheduler (5.0.6)
      rufus-scheduler (~> 3.2)
      sidekiq (>= 6, < 8)
      tilt (>= 1.4.0, < 3)
    spring (4.2.1)
    sprockets (4.2.1)
      concurrent-ruby (~> 1.0)
      rack (>= 2.2.4, < 4)
    sprockets-rails (3.5.2)
      actionpack (>= 6.1)
      activesupport (>= 6.1)
      sprockets (>= 3.0.0)
    strscan (3.1.0)
    temple (0.10.3)
    thor (1.3.1)
    tilt (2.4.0)
    timeout (0.4.1)
    turbolinks (5.2.1)
      turbolinks-source (~> 5.2)
    turbolinks-source (5.2.0)
    tzinfo (2.0.6)
      concurrent-ruby (~> 1.0)
    unicode-display_width (2.5.0)
    warden (1.2.9)
      rack (>= 2.0.9)
    web-console (4.2.1)
      actionview (>= 6.0.0)
      activemodel (>= 6.0.0)
      bindex (>= 0.4.0)
      railties (>= 6.0.0)
    webdrivers (5.3.1)
      nokogiri (~> 1.6)
      rubyzip (>= 1.3.0)
      selenium-webdriver (~> 4.0, < 4.11)
    webpacker (5.4.4)
      activesupport (>= 5.2)
      rack-proxy (>= 0.6.1)
      railties (>= 5.2)
      semantic_range (>= 2.3.0)
    websocket (1.2.11)
    websocket-driver (0.7.6)
      websocket-extensions (>= 0.1.0)
    websocket-extensions (0.1.5)
    xpath (3.2.0)
      nokogiri (~> 1.8)
    zeitwerk (2.6.17)

PLATFORMS
  arm64-darwin-23

DEPENDENCIES
  administrate
  bootsnap (>= 1.4.4)
  bootstrap-email (>= 1.0.0.alpha)
  byebug
  capybara (>= 3.26)
  devise (~> 4.8)
  devise-i18n
  foreman
  haml
  haml-rails
  jbuilder (~> 2.7)
  listen (~> 3.3)
  mocha
  pg (~> 1.1)
  puma (~> 5.0)
  rack-mini-profiler (~> 2.0)
  rails (~> 6.1.4)
  rails-controller-testing
  rails-erd (~> 1.7)
  rails-i18n (~> 6.0.0)
  redis (~> 4.0)
  rubocop
  rubocop-performance
  rubocop-rails_config
  sass-rails (>= 6)
  selenium-webdriver
  shoulda-context (~> 2.0)
  shoulda-matchers (~> 5.0)
  sidekiq (~> 6.0)
  sidekiq-scheduler
  spring
  turbolinks (~> 5)
  tzinfo-data
  web-console (>= 4.1.0)
  webdrivers
  webpacker (~> 5.0)

RUBY VERSION
   ruby 3.0.2p107

BUNDLED WITH
   2.2.25
